GEM
  remote: https://rubygems.org/
  specs:
    json (1.8.0)
    nokogiri (1.5.2)

PLATFORMS
  ruby

DEPENDENCIES
  json
  nokogiri (= 1.5.2)
